GEM
  remote: https://rubygems.org/
  specs:
    addressable (2.8.0)
      public_suffix (>= 2.0.2, < 5.0)
<<<<<<< HEAD
=======
    archive-zip (0.12.0)
      io-like (~> 0.3.0)
>>>>>>> 2f73a4ba55084dce5dc82394f598f63232c1b4ca
    capybara (3.37.1)
      addressable
      matrix
      mini_mime (>= 0.1.3)
      nokogiri (~> 1.8)
      rack (>= 1.6.0)
      rack-test (>= 0.6.3)
      regexp_parser (>= 1.5, < 3.0)
      xpath (~> 3.2)
    childprocess (4.1.0)
<<<<<<< HEAD
=======
    chromedriver-helper (2.1.1)
      archive-zip (~> 0.10)
      nokogiri (~> 1.8)
    io-like (0.3.1)
>>>>>>> 2f73a4ba55084dce5dc82394f598f63232c1b4ca
    matrix (0.4.2)
    mini_mime (1.1.2)
    mustermann (1.1.1)
      ruby2_keywords (~> 0.0.1)
    nokogiri (1.13.6-arm64-darwin)
      racc (~> 1.4)
    public_suffix (4.0.7)
    racc (1.6.0)
    rack (2.2.4)
    rack-protection (2.2.0)
      rack
    rack-test (2.0.2)
      rack (>= 1.3)
    regexp_parser (2.5.0)
    rexml (3.2.5)
    ruby2_keywords (0.0.5)
    rubyzip (2.3.2)
    selenium-webdriver (4.3.0)
      childprocess (>= 0.5, < 5.0)
      rexml (~> 3.2, >= 3.2.5)
      rubyzip (>= 1.2.2, < 3.0)
      websocket (~> 1.0)
    sinatra (2.2.0)
      mustermann (~> 1.0)
      rack (~> 2.2)
      rack-protection (= 2.2.0)
      tilt (~> 2.0)
    tilt (2.0.10)
    webdrivers (5.0.0)
      nokogiri (~> 1.6)
      rubyzip (>= 1.3.0)
      selenium-webdriver (~> 4.0)
    websocket (1.2.9)
    xpath (3.2.0)
      nokogiri (~> 1.8)

PLATFORMS
  arm64-darwin-21

DEPENDENCIES
  capybara
<<<<<<< HEAD
  selenium-webdriver
  sinatra
  webdrivers
=======
  chromedriver-helper
  selenium-webdriver
  sinatra
  webdrivers (~> 5.0)
>>>>>>> 2f73a4ba55084dce5dc82394f598f63232c1b4ca

BUNDLED WITH
   2.3.15
